GEM
  remote: https://rubygems.org/
  specs:
    extensions (0.6.0)
    rake (10.1.0)

PLATFORMS
  ruby

DEPENDENCIES
  bundler
  extensions
  rake
